Brain Vision Data Exchange Header File Version 1.0
; Data created by the Vision Recorder

[Common Infos]
Codepage=UTF-8
DataFile=CAPFE_0002.eeg
MarkerFile=CAPFE_0002.vmrk
DataFormat=BINARY
; Data orientation: MULTIPLEXED=ch1,pt1, ch2,pt1 ...
DataOrientation=MULTIPLEXED
NumberOfChannels=16
; Sampling interval in microseconds
SamplingInterval=1000

[Binary Infos]
BinaryFormat=IEEE_FLOAT_32

[Channel Infos]
; Each entry: Ch<Channel number>=<Name>,<Reference channel name>,
; <Resolution in "Unit">,<Unit>, Future extensions..
; Fields are delimited by commas, some fields might be omitted (empty).
; Commas in channel names are coded as "\1".
Ch1=FC1,,0.0488281,µV
Ch2=FC2,,0.0488281,µV
Ch3=C3,,0.0488281,µV
Ch4=Cz,,0.0488281,µV
Ch5=C4,,0.0488281,µV
Ch6=CP5,,0.0488281,µV
Ch7=CP1,,0.0488281,µV
Ch8=CP2,,0.0488281,µV
Ch9=CP6,,0.0488281,µV
Ch10=P7,,0.0488281,µV
Ch11=P3,,0.0488281,µV
Ch12=Pz,,0.0488281,µV
Ch13=P4,,0.0488281,µV
Ch14=P8,,0.0488281,µV
Ch15=O1,,0.0488281,µV
Ch16=O2,,0.0488281,µV

[Comment]

BrainVision Recorder Professional   -   V. 1.21.0004


A m p l i f i e r  S e t u p
============================
Number of channels: 16
Sampling Rate [Hz]: 1000
Sampling Interval [µS]: 1000

Channels
--------
#     Name      Phys. Chn.    Resolution / Unit   Low Cutoff [s]   High Cutoff [Hz]   Notch [Hz]    Gradient         Offset
1     FC1         1          0.0488281 µV             DC                0              Off
2     FC2         2          0.0488281 µV             DC                0              Off
3     C3          3          0.0488281 µV             DC                0              Off
4     Cz          4          0.0488281 µV             DC                0              Off
5     C4          5          0.0488281 µV             DC                0              Off
6     CP5         6          0.0488281 µV             DC                0              Off
7     CP1         7          0.0488281 µV             DC                0              Off
8     CP2         8          0.0488281 µV             DC                0              Off
9     CP6         9          0.0488281 µV             DC                0              Off
10    P7          10         0.0488281 µV             DC                0              Off
11    P3          11         0.0488281 µV             DC                0              Off
12    Pz          12         0.0488281 µV             DC                0              Off
13    P4          13         0.0488281 µV             DC                0              Off
14    P8          14         0.0488281 µV             DC                0              Off
15    O1          15         0.0488281 µV             DC                0              Off
16    O2          16         0.0488281 µV             DC                0              Off

Invert AUX Channel Polarity = No

S o f t w a r e  F i l t e r s
==============================
Disabled


No impedance values available at 12:45:10!
